PATH
  remote: .
  specs:
    flow (0.11.0)
      activemodel (>= 5.2.1)
      activesupport (>= 5.2.1)
      conjunction (>= 0.2.0, < 1.0)
      malfunction (>= 0.2.0, < 1.0)
      short_circu_it (>= 0.2.0, < 1.0)
      substance (>= 0.26.0, < 1.0)
      technologic (>= 0.2.0, < 1.0)

GEM
  remote: https://rubygems.org/
  specs:
    activemodel (6.1.3.2)
      activesupport (= 6.1.3.2)
    activerecord (6.1.3.2)
      activemodel (= 6.1.3.2)
      activesupport (= 6.1.3.2)
    activesupport (6.1.3.2)
      concurrent-ruby (~> 1.0, >= 1.0.2)
      i18n (>= 1.6, < 2)
      minitest (>= 5.1)
      tzinfo (~> 2.0)
      zeitwerk (~> 2.3)
    around_the_world (0.27.0)
      activesupport (>= 5.2.1)
    ast (2.4.2)
    bcrypt (3.1.13)
    byebug (11.0.1)
    coderay (1.1.2)
    collectible (0.27.0)
      activesupport (>= 5.2.1)
      short_circu_it (= 0.27.0)
      tablesalt (= 0.27.0)
    concurrent-ruby (1.1.10)
    conjunction (0.27.0)
      activemodel (>= 5.2.1)
      activesupport (>= 5.2.1)
      directive (= 0.27.0)
    diff-lcs (1.4.4)
    directive (0.27.0)
      activemodel (>= 5.2.1)
      activesupport (>= 5.2.1)
      substance (= 0.27.0)
    docile (1.4.0)
    faker (2.20.0)
      i18n (>= 1.8.11, < 2)
    i18n (1.10.0)
      concurrent-ruby (~> 1.0)
    malfunction (0.3.0)
      activesupport (>= 5.2.1)
      collectible (>= 0.21.0, < 1.0)
      conjunction (>= 0.21.0, < 1.0)
      short_circu_it (>= 0.21.0, < 1.0)
      substance (< 1.0)
    method_source (0.9.2)
    minitest (5.14.4)
    parallel (1.20.1)
    parser (3.0.1.1)
      ast (~> 2.4.1)
    pry (0.12.2)
      coderay (~> 1.1.0)
      method_source (~> 0.9.0)
    pry-byebug (3.7.0)
      byebug (~> 11.0)
      pry (~> 0.10)
    rack (2.2.3)
    rainbow (3.0.0)
    rake (13.0.1)
    regexp_parser (2.1.1)
    rexml (3.2.5)
    rspec (3.10.0)
      rspec-core (~> 3.10.0)
      rspec-expectations (~> 3.10.0)
      rspec-mocks (~> 3.10.0)
    rspec-core (3.10.1)
      rspec-support (~> 3.10.0)
    rspec-expectations (3.10.1)
      diff-lcs (>= 1.2.0, < 2.0)
      rspec-support (~> 3.10.0)
    rspec-mocks (3.10.2)
      diff-lcs (>= 1.2.0, < 2.0)
      rspec-support (~> 3.10.0)
    rspec-support (3.10.2)
    rspice (0.26.0.3)
      faker (>= 1.8, < 3.0)
      rspec (~> 3.0)
    rubocop (0.92.0)
      parallel (~> 1.10)
      parser (>= 2.7.1.5)
      rainbow (>= 2.2.2, < 4.0)
      regexp_parser (>= 1.7)
      rexml
      rubocop-ast (>= 0.5.0)
      ruby-progressbar (~> 1.7)
      unicode-display_width (>= 1.4.0, < 2.0)
    rubocop-ast (1.5.0)
      parser (>= 3.0.1.1)
    rubocop-performance (1.8.1)
      rubocop (>= 0.87.0)
      rubocop-ast (>= 0.4.0)
    rubocop-rails (2.8.1)
      activesupport (>= 4.2.0)
      rack (>= 1.1)
      rubocop (>= 0.87.0)
    rubocop-rspec (1.43.2)
      rubocop (~> 0.87)
    ruby-progressbar (1.11.0)
    short_circu_it (0.27.0)
      activesupport (>= 5.2.1)
      around_the_world (= 0.27.0)
    shoulda-matchers (4.5.1)
      activesupport (>= 4.2.0)
    simplecov (0.21.2)
      docile (~> 1.1)
      simplecov-html (~> 0.11)
      simplecov_json_formatter (~> 0.1)
    simplecov-html (0.12.3)
    simplecov_json_formatter (0.1.3)
    spicerack-styleguide (0.26.0.3)
      rubocop (~> 0.92.0)
      rubocop-performance (~> 1.8.0)
      rubocop-rails (~> 2.8.0)
      rubocop-rspec (~> 1.43.0)
    sqlite3 (1.4.2)
    substance (0.27.0)
      activemodel (>= 5.2.1)
      activesupport (>= 5.2.1)
      short_circu_it (= 0.27.0)
      tablesalt (= 0.27.0)
      technologic (= 0.27.0)
    tablesalt (0.27.0)
      activemodel (>= 5.2.1)
      activesupport (>= 5.2.1)
    technologic (0.27.0)
      activesupport (>= 5.2.1)
      short_circu_it (= 0.27.0)
    tzinfo (2.0.4)
      concurrent-ruby (~> 1.0)
    unicode-display_width (1.7.0)
    zeitwerk (2.4.2)

PLATFORMS
  ruby

DEPENDENCIES
  activerecord (>= 5.2.1)
  bcrypt (~> 3.1.13)
  bundler (>= 2.0.1)
  flow!
  pry-byebug (>= 3.7.0)
  rake (~> 13.0)
  rspice (>= 0.25.7, < 1.0)
  shoulda-matchers (~> 4.0)
  simplecov (~> 0.16)
  spicerack-styleguide (>= 0.21.0, < 1.0)
  sqlite3 (~> 1.3)

BUNDLED WITH
   2.3.10
